PATH
  remote: .
  specs:
    sort_alphabetical (1.1.0)
      unicode_utils (>= 1.2.2)

GEM
  remote: https://rubygems.org/
  specs:
    benchmark-ips (2.5.0)
    bump (0.5.2)
    diff-lcs (1.2.5)
    rake (10.4.2)
    rspec (3.3.0)
      rspec-core (~> 3.3.0)
      rspec-expectations (~> 3.3.0)
      rspec-mocks (~> 3.3.0)
    rspec-core (3.3.2)
      rspec-support (~> 3.3.0)
    rspec-expectations (3.3.1)
      diff-lcs (>= 1.2.0, < 2.0)
      rspec-support (~> 3.3.0)
    rspec-mocks (3.3.2)
      diff-lcs (>= 1.2.0, < 2.0)
      rspec-support (~> 3.3.0)
    rspec-support (3.3.0)
    unicode_utils (1.4.0)

PLATFORMS
  ruby

DEPENDENCIES
  benchmark-ips
  bump
  rake
  rspec
  sort_alphabetical!

BUNDLED WITH
   1.13.6
